GEM
  remote: http://rubygems.org/
  specs:
    addressable (2.2.7)
    daemons (1.1.8)
    eventmachine (1.0.0.beta.4.1-x86-mingw32)
    faraday (0.7.6)
      addressable (~> 2.2)
      multipart-post (~> 1.1)
      rack (~> 1.1)
    httparty (0.8.3)
      multi_json (~> 1.0)
      multi_xml
    json (1.5.4)
    koala (1.4.1)
      faraday (~> 0.7.0)
      multi_json (~> 1.3.0)
    multi_json (1.3.2)
    multi_xml (0.4.4)
    multipart-post (1.1.5)
    rack (1.4.1)
    rack-protection (1.2.0)
      rack
    sinatra (1.3.2)
      rack (~> 1.3, >= 1.3.6)
      rack-protection (~> 1.2)
      tilt (~> 1.3, >= 1.3.3)
    thin (1.3.1)
      daemons (>= 1.0.9)
      eventmachine (>= 0.12.6)
      rack (>= 1.0.0)
    tilt (1.3.3)

PLATFORMS
  x86-mingw32

DEPENDENCIES
  httparty
  json
  koala
  sinatra
  thin
